GEM
  remote: https://rubygems.org/
  specs:
    byebug (11.1.3)
    csv (3.2.8)
    dotenv (3.1.0)
    event_stream_parser (1.0.0)
    faraday (2.9.0)
      faraday-net_http (>= 2.0, < 3.2)
    faraday-multipart (1.0.4)
      multipart-post (~> 2)
    faraday-net_http (3.1.0)
      net-http
    httparty (0.21.0)
      mini_mime (>= 1.0.0)
      multi_xml (>= 0.5.2)
    mini_mime (1.1.5)
    multi_xml (0.6.0)
    multipart-post (2.4.0)
    net-http (0.4.1)
      uri
    nokogiri (1.16.3-arm64-darwin)
      racc (~> 1.4)
    open3 (0.2.1)
    racc (1.7.3)
    roo (2.10.1)
      nokogiri (~> 1)
      rubyzip (>= 1.3.0, < 3.0.0)
    ruby-openai (6.3.1)
      event_stream_parser (>= 0.3.0, < 2.0.0)
      faraday (>= 1)
      faraday-multipart (>= 1)
    rubyzip (2.3.2)
    uri (0.13.0)

PLATFORMS
  arm64-darwin-22

DEPENDENCIES
  byebug (~> 11.1)
  csv (~> 3.2)
  dotenv (~> 3.1)
  httparty
  open3 (~> 0.2.1)
  roo (~> 2.10)
  ruby-openai (~> 6.3)

BUNDLED WITH
   2.4.4
