GEM
  remote: https://rubygems.org/
  specs:
    byebug (11.1.3)
    httparty (0.21.0)
      mini_mime (>= 1.0.0)
      multi_xml (>= 0.5.2)
    mini_mime (1.1.5)
    multi_xml (0.6.0)
    open3 (0.2.1)

PLATFORMS
  arm64-darwin-22

DEPENDENCIES
  byebug (~> 11.1)
  httparty
  open3 (~> 0.2.1)

BUNDLED WITH
   2.4.4
